GEM
  remote: https://rubygems.org/
  specs:
    byebug (4.0.4)
      columnize (= 0.9.0)
    columnize (0.9.0)
    excon (0.39.6)
    foreman (0.78.0)
      thor (~> 0.19.1)
    haml (4.0.6)
      tilt
    multi_json (1.10.1)
    rack (1.6.0)
    rack-protection (1.5.3)
      rack
    rack_csrf (2.5.0)
      rack (>= 1.1.0)
    sass (3.4.13)
    sinatra (1.4.5)
      rack (~> 1.4)
      rack-protection (~> 1.4)
      tilt (~> 1.3, >= 1.3.4)
    thor (0.19.1)
    tilt (1.4.1)

PLATFORMS
  ruby

DEPENDENCIES
  byebug
  excon
  foreman
  haml
  multi_json
  rack_csrf
  sass
  sinatra
